GEM
  remote: http://rubygems.org/
  specs:
    ansi (1.4.3)
    builder (3.1.4)
    hashie (1.2.0)
    iron_cache (1.3.0)
      iron_core (>= 0.4.2)
    iron_core (0.4.4)
      rest (>= 2.1.1)
    mime-types (1.19)
    minitest (4.3.2)
    minitest-reporters (0.13.1)
      ansi
      builder
      minitest (>= 2.12, < 5.0)
      powerbar
    net-http-persistent (2.8)
    powerbar (1.0.11)
      ansi (~> 1.4.0)
      hashie (>= 1.1.0)
    puma (1.6.3)
      rack (~> 1.2)
    rack (1.4.1)
    rack-protection (1.2.0)
      rack
    rest (2.1.1)
      net-http-persistent
      rest-client (>= 0.3.0)
    rest-client (1.6.7)
      mime-types (>= 1.16)
    sinatra (1.3.3)
      rack (~> 1.3, >= 1.3.6)
      rack-protection (~> 1.2)
      tilt (~> 1.3, >= 1.3.3)
    tilt (1.3.3)
    uber_config (1.0.5)

PLATFORMS
  ruby

DEPENDENCIES
  iron_cache
  minitest
  minitest-reporters
  puma
  sinatra
  uber_config
