GEM
  remote: http://rubygems.org/
  specs:
    ansi (1.4.3)
    builder (3.2.2)
    hashie (2.0.5)
    iron_cache (1.4.0)
      iron_core (>= 0.5.1)
    iron_core (1.0.2)
      rest (>= 2.6.4)
    mime-types (2.0)
    minitest (5.2.0)
    minitest-reporters (1.0.0)
      ansi
      builder
      minitest (>= 5.0)
      powerbar
    net-http-persistent (2.9)
    powerbar (1.0.11)
      ansi (~> 1.4.0)
      hashie (>= 1.1.0)
    puma (2.7.1)
      rack (>= 1.1, < 2.0)
    rack (1.5.2)
    rack-protection (1.5.1)
      rack
    rest (2.6.5)
      net-http-persistent
      rest-client (>= 0.3.0)
    rest-client (1.6.7)
      mime-types (>= 1.16)
    sinatra (1.4.4)
      rack (~> 1.4)
      rack-protection (~> 1.4)
      tilt (~> 1.3, >= 1.3.4)
    tilt (1.4.1)
    uber_config (1.1.0)

PLATFORMS
  ruby

DEPENDENCIES
  iron_cache
  minitest
  minitest-reporters
  puma
  sinatra
  uber_config
