GEM
  remote: http://rubygems.org/
  specs:
    iron_cache (1.3.0)
      iron_core (>= 0.4.2)
    iron_core (0.4.3)
      rest (>= 2.0.2)
    mime-types (1.19)
    net-http-persistent (2.8)
    puma (1.6.3)
      rack (~> 1.2)
    rack (1.4.1)
    rack-protection (1.2.0)
      rack
    rest (2.0.4)
      net-http-persistent
      rest-client (>= 0.3.0)
    rest-client (1.6.7)
      mime-types (>= 1.16)
    sinatra (1.3.3)
      rack (~> 1.3, >= 1.3.6)
      rack-protection (~> 1.2)
      tilt (~> 1.3, >= 1.3.3)
    tilt (1.3.3)
    uber_config (1.0.5)

PLATFORMS
  ruby

DEPENDENCIES
  iron_cache
  puma
  sinatra
  uber_config
